GEM
  remote: https://rubygems.org/
  specs:
    coderay (1.0.9)
    daemon_controller (1.1.2)
    fastthread (1.0.7)
    method_source (0.8.1)
    mini_magick (3.5.0)
      subexec (~> 0.2.1)
    passenger (3.0.19)
      daemon_controller (>= 1.0.0)
      fastthread (>= 1.0.1)
      rack
      rake (>= 0.8.1)
    pry (0.9.12)
      coderay (~> 1.0.5)
      method_source (~> 0.8)
      slop (~> 3.4)
    rack (1.5.2)
    rack-protection (1.5.0)
      rack
    rake (10.0.4)
    sinatra (1.3.6)
      rack (~> 1.4)
      rack-protection (~> 1.3)
      tilt (~> 1.3, >= 1.3.3)
    slop (3.4.4)
    subexec (0.2.2)
    tilt (1.3.7)

PLATFORMS
  ruby

DEPENDENCIES
  mini_magick
  passenger
  pry
  sinatra
